GEM
  remote: https://rubygems.org/
  specs:
    ast (2.3.0)
    bindata (2.4.10)
    hitimes (1.2.6)
    hitimes (1.2.6-x86-mingw32)
    minitest (5.10.3)
    parallel (1.12.0)
    parser (2.4.0.2)
      ast (~> 2.3)
    powerpack (0.1.1)
    rainbow (2.2.2)
      rake
    rake (12.3.0)
    require_all (1.4.0)
    rubocop (0.51.0)
      parallel (~> 1.10)
      parser (>= 2.3.3.1, < 3.0)
      powerpack (~> 0.1)
      rainbow (>= 2.2.2, < 3.0)
      ruby-progressbar (~> 1.7)
      unicode-display_width (~> 1.0, >= 1.0.1)
    ruby-progressbar (1.9.0)
    unicode-display_width (1.3.0)

PLATFORMS
  ruby
  x86-mingw32

DEPENDENCIES
  bindata
  hitimes
  minitest
  rake
  require_all
  rubocop

BUNDLED WITH
   1.16.0
